GEM
  remote: http://rubygems.org/
  specs:
    activesupport (3.0.0)
    fakeweb (1.3.0)
    i18n (0.4.1)
    mail (2.2.6.1)
      activesupport (>= 2.3.6)
      mime-types
      treetop (>= 1.4.5)
    mechanize (1.0.0)
      nokogiri (>= 1.2.1)
    mime-types (1.16)
    minitest (1.7.1)
    nokogiri (1.4.3.1)
    polyglot (0.3.1)
    rake (0.8.7)
    treetop (1.4.8)
      polyglot (>= 0.3.1)

PLATFORMS
  ruby

DEPENDENCIES
  fakeweb
  i18n
  mail
  mechanize
  minitest
  rake
